GEM
  remote: http://rubygems.org/
  specs:
    aaronh-chronic (0.3.9)
    abstract (1.0.0)
    actionmailer (3.0.8)
      actionpack (= 3.0.8)
      mail (~> 2.2.19)
    actionpack (3.0.8)
      activemodel (= 3.0.8)
      activesupport (= 3.0.8)
      builder (~> 2.1.2)
      erubis (~> 2.6.6)
      i18n (~> 0.5.0)
      rack (~> 1.2.1)
      rack-mount (~> 0.6.14)
      rack-test (~> 0.5.7)
      tzinfo (~> 0.3.23)
    activemodel (3.0.8)
      activesupport (= 3.0.8)
      builder (~> 2.1.2)
      i18n (~> 0.5.0)
    activerecord (3.0.8)
      activemodel (= 3.0.8)
      activesupport (= 3.0.8)
      arel (~> 2.0.10)
      tzinfo (~> 0.3.23)
    activeresource (3.0.8)
      activemodel (= 3.0.8)
      activesupport (= 3.0.8)
    activesupport (3.0.8)
    arel (2.0.10)
    backports (3.6.3)
    bcrypt-ruby (2.1.4)
    bson (1.2.4)
    bson_ext (1.2.4)
    builder (2.1.2)
    carrierwave (0.5.8)
      activesupport (~> 3.0)
    carrierwave-mongoid (0.1.0)
      carrierwave
      mongoid
    cells (3.6.5)
      actionpack (~> 3.0)
      railties (~> 3.0)
    colorize (0.5.8)
    dalli (1.1.2)
    devise (1.2.rc2)
      bcrypt-ruby (~> 2.1.2)
      orm_adapter (~> 0.0.3)
      warden (~> 1.0.3)
    devise_invitable (0.4.rc5)
      devise (~> 1.2.rc2)
      rails (~> 3.0.0)
    erubis (2.6.6)
      abstract (>= 1.0.0)
    i18n (0.5.4)
    juggernaut (2.1.1)
      redis
    mail (2.2.20)
      activesupport (>= 2.3.6)
      i18n (>= 0.4.0)
      mime-types (~> 1.16)
      treetop (~> 1.4.8)
    memcache-client (1.8.5)
    mime-types (1.25.1)
    mini_magick (3.8.1)
      subexec (~> 0.2.1)
    mongo (1.2.4)
      bson (>= 1.2.4)
    mongoid (2.0.0)
      activemodel (~> 3.0)
      mongo (~> 1.2)
      tzinfo (~> 0.3.22)
      will_paginate (~> 3.0.pre)
    mongoid-eager-loading (0.3.1)
    mongoid_rails_migrations (0.0.10)
      activesupport (~> 3.0.0)
      bundler (>= 0.9.19)
      rails (~> 3.0.0)
      railties (~> 3.0.0)
    mongoid_wice_grid (4.0.0)
    mono_logger (1.1.0)
    multi_json (1.10.1)
    orm_adapter (0.0.7)
    polyglot (0.3.5)
    rack (1.2.8)
    rack-mount (0.6.14)
      rack (>= 1.0.0)
    rack-test (0.5.7)
      rack (>= 1.0)
    rails (3.0.8)
      actionmailer (= 3.0.8)
      actionpack (= 3.0.8)
      activerecord (= 3.0.8)
      activeresource (= 3.0.8)
      activesupport (= 3.0.8)
      bundler (~> 1.0)
      railties (= 3.0.8)
    rails-dev-boost-beta (0.1.2)
    railties (3.0.8)
      actionpack (= 3.0.8)
      activesupport (= 3.0.8)
      rake (>= 0.8.7)
      thor (~> 0.14.4)
    rake (0.8.7)
    redis (3.1.0)
    redis-namespace (1.5.1)
      redis (~> 3.0, >= 3.0.4)
    resque (1.25.2)
      mono_logger (~> 1.0)
      multi_json (~> 1.0)
      redis-namespace (~> 1.3)
      sinatra (>= 0.9.2)
      vegas (~> 0.1.2)
    resque_mailer (1.0.1)
    settingslogic (2.0.6)
    simple_form (1.3.1)
    sinatra (1.2.9)
      backports
      rack (~> 1.1, < 1.5)
      tilt (>= 1.2.2, < 2.0)
    smurf-huacnlee (1.0.5)
    subexec (0.2.3)
    tagged-cache (1.1.1)
      activesupport (>= 3.0.0)
    thor (0.14.6)
    tilt (1.4.1)
    treetop (1.4.15)
      polyglot
      polyglot (>= 0.3.1)
    tzinfo (0.3.42)
    vegas (0.1.11)
      rack (>= 1.0.0)
    voteable_mongoid (0.7.6)
      mongoid (~> 2.0.0)
    warden (1.0.6)
      rack (>= 1.0)
    whenever (0.6.2)
      aaronh-chronic (>= 0.3.9)
      activesupport (>= 2.3.4)
    will_paginate (3.0.pre)

PLATFORMS
  ruby

DEPENDENCIES
  bson (= 1.2.4)
  bson_ext (= 1.2.4)
  carrierwave
  carrierwave-mongoid
  cells (= 3.6.5)
  colorize (= 0.5.8)
  dalli (= 1.1.2)
  devise (= 1.2.rc2)
  devise_invitable (= 0.4.rc5)
  juggernaut
  memcache-client (= 1.8.5)
  mini_magick
  mongoid
  mongoid-eager-loading (= 0.3.1)
  mongoid_rails_migrations (= 0.0.10)
  mongoid_wice_grid (= 4.0.0)
  rails
  rails-dev-boost-beta (= 0.1.2)
  rake (= 0.8.7)
  resque
  resque_mailer (= 1.0.1)
  settingslogic (= 2.0.6)
  simple_form (= 1.3.1)
  smurf-huacnlee
  tagged-cache (= 1.1.1)
  voteable_mongoid
  whenever (= 0.6.2)
  will_paginate (= 3.0.pre)
